GEM
  remote: https://rubygems.org/
  specs:
    curb (0.9.7)
    dotenv (2.6.0)

PLATFORMS
  ruby

DEPENDENCIES
  curb
  dotenv

BUNDLED WITH
   1.15.4
