GEM
  remote: https://rubygems.org/
  specs:
    curb (0.9.6)
    dotenv (2.4.0)

PLATFORMS
  ruby

DEPENDENCIES
  curb
  dotenv

BUNDLED WITH
   1.15.4
